GEM
  specs:
    bubble-wrap (1.2.0)

PLATFORMS
  ruby

DEPENDENCIES
  bubble-wrap
