GEM
  specs:
    bubble-wrap (1.3.0.osx)

PLATFORMS
  ruby

DEPENDENCIES
  bubble-wrap (~> 1.3.0.osx)
