GEM
  specs:
    bubble-wrap (1.2.0)
    motion-addressbook (1.2.0)
      bubble-wrap

PLATFORMS
  ruby

DEPENDENCIES
  bubble-wrap
  motion-addressbook
